GEM
  remote: http://rubygems.org/
  specs:
    copier (1.3)
    git (1.2.5)
    httparty (0.8.1)
      multi_json
      multi_xml
    jeweler (1.6.4)
      bundler (~> 1.0)
      git (>= 1.2.5)
      rake
    multi_json (1.0.4)
    multi_xml (0.4.1)
    rake (0.9.2.2)
    rcov (0.9.9)
    rubyheap (0.1.2)
      httparty (~> 0.8.1)
    shoulda (2.11.3)
    trollop (1.16.2)

PLATFORMS
  ruby

DEPENDENCIES
  bundler (~> 1.1.0)
  copier (~> 1.3)
  jeweler (~> 1.6.4)
  rcov
  rubyheap (~> 0.1.2)
  shoulda
  trollop (~> 1.16.2)
